GEM
  remote: https://rubygems.org/
  specs:
    coderay (1.1.3)
    colorize (0.8.1)
    figaro (1.2.0)
      thor (>= 0.14.0, < 2)
    method_source (1.0.0)
    mini_portile2 (2.4.0)
    nokogiri (1.10.10)
      mini_portile2 (~> 2.4.0)
    pry (0.13.1)
      coderay (~> 1.1)
      method_source (~> 1.0)
    thor (1.0.1)

PLATFORMS
  ruby

DEPENDENCIES
  colorize
  figaro
  nokogiri
  pry

BUNDLED WITH
   2.1.4
